PATH
  remote: .
  specs:
    audioquiz (0.1.0)
      ffi-portaudio

GEM
  remote: https://rubygems.org/
  specs:
    coderay (1.1.3)
    ffi (1.14.2)
    ffi-portaudio (0.1.2)
      ffi
    method_source (0.9.2)
    minitest (5.14.3)
    pry (0.12.2)
      coderay (~> 1.1.0)
      method_source (~> 0.9.0)
    rake (12.3.3)
    rake-compiler (1.1.1)
      rake

PLATFORMS
  ruby

DEPENDENCIES
  audioquiz!
  bundler (~> 2.1.4)
  minitest (~> 5.0)
  pry (~> 0.12.2)
  rake (~> 12.3.3)
  rake-compiler

BUNDLED WITH
   2.1.4
